GEM
  remote: https://artifacts.radarservices.net/api/gems/mirror-rubygems.org-gems/
  specs:

PLATFORMS
  ruby

DEPENDENCIES

BUNDLED WITH
   1.16.1
