PATH
  remote: .
  specs:
    rs_paginator (0.1.6)
      actionview (~> 5.2)
      i18n

GEM
  remote: https://artifacts.radarservices.net/api/gems/mirror-rubygems.org-gems/
  specs:
    actionview (5.2.6)
      activesupport (= 5.2.6)
      builder (~> 3.1)
      erubi (~> 1.4)
      rails-dom-testing (~> 2.0)
      rails-html-sanitizer (~> 1.0, >= 1.0.3)
    activesupport (5.2.6)
      concurrent-ruby (~> 1.0, >= 1.0.2)
      i18n (>= 0.7, < 2)
      minitest (~> 5.1)
      tzinfo (~> 1.1)
    builder (3.2.4)
    bundler-audit (0.9.0.1)
      bundler (>= 1.2.0, < 3)
      thor (~> 1.0)
    concurrent-ruby (1.1.9)
    crass (1.0.6)
    erubi (1.10.0)
    i18n (1.8.11)
      concurrent-ruby (~> 1.0)
    loofah (2.13.0)
      crass (~> 1.0.2)
      nokogiri (>= 1.5.9)
    mini_portile2 (2.6.1)
    minitest (5.15.0)
    nokogiri (1.12.5)
      mini_portile2 (~> 2.6.1)
      racc (~> 1.4)
    racc (1.6.0)
    rails-dom-testing (2.0.3)
      activesupport (>= 4.2.0)
      nokogiri (>= 1.6)
    rails-html-sanitizer (1.4.2)
      loofah (~> 2.3)
    thor (1.1.0)
    thread_safe (0.3.6)
    tzinfo (1.2.9)
      thread_safe (~> 0.1)

PLATFORMS
  ruby

DEPENDENCIES
  bundler-audit
  rs_paginator!

BUNDLED WITH
   1.17.3
